{
  "TaskName":"Fancy stuff",
  "TaskDescription": "well subjects had to do this and that",
  "Instructions": "fix the screen, and something happens, respond in a fancy way",
  "CogAtlasID": "https://www.cognitiveatlas.org/task/id/trm_50df1c0d946b8/",
  "CogPOID": "http://wiki.cogpo.org/index.php?title=Explicit_Stimulus",
  "InstitutionName": "World best univesity",
  "InstitutionAddress": "Somewhere sunny near the beach",
  "DeviceSerialNumber": "XXXXXXXXXX",
  "SamplingFrequency": 2400,
  "EEGChannelCount":  128,
  "EOGChannelCount": 2,
  "ECGChannelCount": 1,
  "EMGChannelCount": 2,
  "EEGReference": "bipolar",
  "MiscChannelCount": 0,
  "TriggerChannelCount": 1,
  "PowerLineFrequency": 50,
  "EEGPlacementScheme": "10-20",
  "Manufacturer": "BrainProduct",
  "ManufacturerModelName": "BrainAmp DC",
  "CapManufacturer": "EasyCap",
  "CapModelName": "M1-ext",
  "HardwareFilters": {"Low-Pass butterworth":350},
  "SoftwareFilters": {"High-Pass butterworth":0.1},
  "RecordingDuration": 3600,
  "RecordingType": "continuous",
  "DeviceSoftwareVersion": "Brain Vision Recorder 3.2",
}
